GEM
  remote: http://rubygems.org/
  specs:
    dalli (2.6.2)
    rack (1.5.2)
    sinatra (1.1.0)
      rack (~> 1.1)
      tilt (~> 1.1)
    tilt (1.3.6)

PLATFORMS
  ruby

DEPENDENCIES
  dalli
  sinatra (= 1.1.0)
